GIT
  remote: git://github.com/rstacruz/sinatra-assetpack.git
  revision: ab2a413026099492807bd19affd60bd3d3bc1cca
  specs:
    sinatra-assetpack (0.0.10)
      jsmin
      rack-test
      sinatra
      tilt (>= 1.3.0)

GIT
  remote: git://github.com/sinatra/sinatra.git
  revision: 94707f5f424254098559609e88c088038d91dde7
  specs:
    sinatra (1.4.0)
      rack (~> 1.3, >= 1.3.6)
      rack-protection (~> 1.2)
      tilt (~> 1.3, >= 1.3.3)

GEM
  remote: http://rubygems.org/
  specs:
    POpen4 (0.1.4)
      Platform (>= 0.4.0)
      open4
    Platform (0.4.0)
    addressable (2.2.6)
    bcrypt-ruby (3.0.1)
    chunky_png (1.2.5)
    coffee-script (2.2.0)
      coffee-script-source
      execjs
    coffee-script-source (1.2.0)
    compass (0.11.7)
      chunky_png (~> 1.2)
      fssm (>= 0.2.7)
      sass (~> 3.1)
    data_objects (0.10.7)
      addressable (~> 2.1)
    datamapper (1.2.0)
      dm-aggregates (~> 1.2.0)
      dm-constraints (~> 1.2.0)
      dm-core (~> 1.2.0)
      dm-migrations (~> 1.2.0)
      dm-serializer (~> 1.2.0)
      dm-timestamps (~> 1.2.0)
      dm-transactions (~> 1.2.0)
      dm-types (~> 1.2.0)
      dm-validations (~> 1.2.0)
    dm-aggregates (1.2.0)
      dm-core (~> 1.2.0)
    dm-constraints (1.2.0)
      dm-core (~> 1.2.0)
    dm-core (1.2.0)
      addressable (~> 2.2.6)
    dm-do-adapter (1.2.0)
      data_objects (~> 0.10.6)
      dm-core (~> 1.2.0)
    dm-migrations (1.2.0)
      dm-core (~> 1.2.0)
    dm-serializer (1.2.1)
      dm-core (~> 1.2.0)
      fastercsv (~> 1.5.4)
      json (~> 1.6.1)
      json_pure (~> 1.6.1)
      multi_json (~> 1.0.3)
    dm-sqlite-adapter (1.2.0)
      dm-do-adapter (~> 1.2.0)
      do_sqlite3 (~> 0.10.6)
    dm-timestamps (1.2.0)
      dm-core (~> 1.2.0)
    dm-transactions (1.2.0)
      dm-core (~> 1.2.0)
    dm-types (1.2.1)
      bcrypt-ruby (~> 3.0.0)
      dm-core (~> 1.2.0)
      fastercsv (~> 1.5.4)
      json (~> 1.6.1)
      multi_json (~> 1.0.3)
      stringex (~> 1.3.0)
      uuidtools (~> 2.1.2)
    dm-validations (1.2.0)
      dm-core (~> 1.2.0)
    do_sqlite3 (0.10.7)
      data_objects (= 0.10.7)
    execjs (1.3.0)
      multi_json (~> 1.0)
    fastercsv (1.5.4)
    fssm (0.2.8.1)
    haml (3.1.4)
    jsmin (1.0.1)
    json (1.6.6)
    json_pure (1.6.5)
    multi_json (1.0.4)
    open4 (1.3.0)
    rack (1.4.1)
    rack-protection (1.2.0)
      rack
    rack-test (0.6.1)
      rack (>= 1.0)
    rake (0.9.2.2)
    sass (3.1.13)
    shotgun (0.9)
      rack (>= 1.0)
    sinatra-support (1.2.2)
      sinatra (>= 1.0)
    slim (1.1.0)
      temple (~> 0.3.5)
      tilt (~> 1.3.2)
    sqlite3 (1.3.5)
    sqlite3-ruby (1.3.3)
      sqlite3 (>= 1.3.3)
    stringex (1.3.0)
    temple (0.3.5)
    tilt (1.3.3)
    uuidtools (2.1.2)
    yui-compressor (0.9.6)
      POpen4 (>= 0.1.4)

PLATFORMS
  ruby

DEPENDENCIES
  coffee-script
  compass
  datamapper
  dm-migrations
  dm-sqlite-adapter
  haml
  rake
  sass
  shotgun
  sinatra!
  sinatra-assetpack!
  sinatra-support
  slim
  sqlite3-ruby (~> 1.3.3)
  yui-compressor
